PATH
  remote: .
  specs:
    autowebreplay (0.1.0)
      webmock (>= 1.6.1)

GEM
  remote: http://rubygems.org/
  specs:
    addressable (2.2.4)
    crack (0.1.8)
    webmock (1.6.2)
      addressable (>= 2.2.2)
      crack (>= 0.1.7)

PLATFORMS
  ruby

DEPENDENCIES
  autowebreplay!
  bundler
